PATH
  remote: .
  specs:
    guard-cogs (0.1.0)
      coffee-script
      guard
      sass
      sprockets (~> 2.0)
      sprockets-sass
      uglifier
      yui-compressor

GEM
  remote: http://rubygems.org/
  specs:
    celluloid (0.16.0)
      timers (~> 4.0.0)
    coderay (1.1.0)
    coffee-script (2.3.0)
      coffee-script-source
      execjs
    coffee-script-source (1.8.0)
    execjs (2.2.2)
    ffi (1.9.6)
    formatador (0.2.5)
    guard (2.8.2)
      formatador (>= 0.2.4)
      listen (~> 2.7)
      lumberjack (~> 1.0)
      pry (>= 0.9.12)
      thor (>= 0.18.1)
    hike (1.2.3)
    hitimes (1.2.2)
    json (1.8.1)
    listen (2.7.11)
      celluloid (>= 0.15.2)
      rb-fsevent (>= 0.9.3)
      rb-inotify (>= 0.9)
    lumberjack (1.0.9)
    method_source (0.8.2)
    multi_json (1.10.1)
    pry (0.10.1)
      coderay (~> 1.1.0)
      method_source (~> 0.8.1)
      slop (~> 3.4)
    rack (1.5.2)
    rake (10.3.2)
    rb-fsevent (0.9.4)
    rb-inotify (0.9.5)
      ffi (>= 0.5.0)
    sass (3.4.7)
    slop (3.6.0)
    sprockets (2.12.3)
      hike (~> 1.2)
      multi_json (~> 1.0)
      rack (~> 1.0)
      tilt (~> 1.1, != 1.3.0)
    sprockets-sass (1.2.0)
      sprockets (~> 2.0)
      tilt (~> 1.1)
    thor (0.19.1)
    tilt (1.4.1)
    timers (4.0.1)
      hitimes
    uglifier (2.5.3)
      execjs (>= 0.3.0)
      json (>= 1.8.0)
    yui-compressor (0.12.0)

PLATFORMS
  ruby

DEPENDENCIES
  bundler (~> 1.6)
  coffee-script
  guard-cogs!
  rake
  sass
  sprockets
  sprockets-sass
  uglifier
  yui-compressor
